PATH
  remote: .
  specs:
    dev-kit (0.1.0)
      dev-ui (>= 0.1.0)

GEM
  remote: https://rubygems.org/
  specs:
    ansi (1.5.0)
    ast (2.3.0)
    builder (3.2.3)
    byebug (9.0.6)
    dev-ui (0.1.0)
    metaclass (0.0.4)
    method_source (0.8.2)
    minitest (5.10.2)
    minitest-reporters (1.1.14)
      ansi
      builder
      minitest (>= 5.0)
      ruby-progressbar
    mocha (1.2.1)
      metaclass (~> 0.0.1)
    parallel (1.11.2)
    parser (2.4.0.0)
      ast (~> 2.2)
    powerpack (0.1.1)
    rainbow (2.2.2)
      rake
    rake (10.5.0)
    rubocop (0.49.1)
      parallel (~> 1.10)
      parser (>= 2.3.3.1, < 3.0)
      powerpack (~> 0.1)
      rainbow (>= 1.99.1, < 3.0)
      ruby-progressbar (~> 1.7)
      unicode-display_width (~> 1.0, >= 1.0.1)
    ruby-progressbar (1.8.1)
    unicode-display_width (1.3.0)

PLATFORMS
  ruby

DEPENDENCIES
  bundler (~> 1.15)
  byebug
  dev-kit!
  method_source
  minitest (>= 5.0.0)
  minitest-reporters
  mocha
  rake (~> 10.0)
  rubocop

BUNDLED WITH
   1.15.0
